GEM
  remote: http://rubygems.org/
  specs:
    em-zeromq (0.2.2)
      eventmachine (>= 1.0.0.beta.4)
      ffi (>= 1.0.0)
      ffi-rzmq (~> 0.9.0)
    eventmachine (1.0.0.beta.4)
    ffi (1.0.11)
    ffi-rzmq (0.9.0)

PLATFORMS
  ruby

DEPENDENCIES
  em-zeromq
  ffi
  ffi-rzmq
